PATH
  remote: .
  specs:
    grader-utils (0.0.1)

GEM
  remote: https://rubygems.org/
  specs:

PLATFORMS
  ruby

DEPENDENCIES
  grader-utils!
